GIT
  remote: https://github.com/dkubb/yardstick.git
  revision: b0442119604885e02954e00f2e7eb3f91236caba
  specs:
    yardstick (0.9.7)
      yard (~> 0.8, >= 0.8.7.2)

GIT
  remote: https://github.com/mbj/mutant.git
  revision: 336956b7f66e45848feafa8537654a3ae1ac52c3
  specs:
    mutant (0.3.1)
      abstract_type (~> 0.0.7)
      adamantium (~> 0.1.0)
      anima (~> 0.1.1)
      concord (~> 0.1.4)
      descendants_tracker (~> 0.0.1)
      equalizer (~> 0.0.7)
      ice_nine (~> 0.9)
      inflecto (~> 0.0.2)
      parser (~> 2.0.0)
      rspec (~> 2.14.1)
      unparser (~> 0.1.4)

GIT
  remote: https://github.com/mbj/unparser.git
  revision: 0d21f52262413d6b9facda98f5cdf0f9eb20d853
  specs:
    unparser (0.1.5)
      abstract_type (~> 0.0.7)
      adamantium (~> 0.1.0)
      concord (~> 0.1.4)
      equalizer (~> 0.0.7)
      parser (~> 2.0.0)

GIT
  remote: https://github.com/rom-rb/devtools.git
  revision: 26e3294ce0d3c5d8b9fb30009d0f96d3fa54dc84
  specs:
    devtools (0.0.2)

PATH
  remote: .
  specs:
    lupo (0.0.1)

GEM
  remote: https://rubygems.org/
  specs:
    abstract_type (0.0.7)
    adamantium (0.1.0)
      ice_nine (~> 0.9)
      thread_safe (~> 0.1.2)
    anima (0.1.1)
      abstract_type (~> 0.0.6)
      adamantium (~> 0.1.0)
      equalizer (~> 0.0.7)
    ast (1.1.0)
    atomic (1.1.14)
    celluloid (0.15.2)
      timers (~> 1.1.0)
    coderay (1.1.0)
    concord (0.1.4)
      adamantium (~> 0.1)
      equalizer (~> 0.0.7)
    coveralls (0.7.0)
      multi_json (~> 1.3)
      rest-client
      simplecov (>= 0.7)
      term-ansicolor
      thor
    descendants_tracker (0.0.3)
    diff-lcs (1.2.5)
    docile (1.1.1)
    equalizer (0.0.8)
    ffi (1.9.3)
    ffi-hunspell (0.3.0)
      ffi (~> 1.0)
    flay (2.4.0)
      ruby_parser (~> 3.0)
      sexp_processor (~> 4.0)
    flog (4.2.0)
      ruby_parser (~> 3.1, > 3.1.0)
      sexp_processor (~> 4.4)
    formatador (0.2.4)
    guard (2.2.5)
      formatador (>= 0.2.4)
      listen (~> 2.1)
      lumberjack (~> 1.0)
      pry (>= 0.9.12)
      thor (>= 0.18.1)
    guard-bundler (2.0.0)
      bundler (~> 1.0)
      guard (~> 2.2)
    guard-rspec (4.2.0)
      guard (>= 2.1.1)
      rspec (>= 2.14, < 4.0)
    guard-rubocop (1.0.1)
      guard (~> 2.0)
      rubocop (~> 0.10)
    ice_nine (0.11.0)
    inflecto (0.0.2)
    json (1.8.1)
    kramdown (1.3.0)
    libnotify (0.8.2)
      ffi (>= 1.0.11)
    listen (2.4.0)
      celluloid (>= 0.15.2)
      rb-fsevent (>= 0.9.3)
      rb-inotify (>= 0.9)
    lumberjack (1.0.4)
    method_source (0.8.2)
    mime-types (2.0)
    multi_json (1.8.2)
    parser (2.0.0)
      ast (~> 1.1)
      slop (~> 3.4, >= 3.4.5)
    powerpack (0.0.9)
    pry (0.9.12.4)
      coderay (~> 1.0)
      method_source (~> 0.8)
      slop (~> 3.4)
    racc (1.4.10)
    rainbow (1.1.4)
    rake (10.1.0)
    rb-fchange (0.0.6)
      ffi
    rb-fsevent (0.9.3)
    rb-inotify (0.9.3)
      ffi (>= 0.5.0)
    rb-notifu (0.0.4)
    rbench (0.2.3)
    reek (1.3.4)
      ruby2ruby (~> 2.0.2)
      ruby_parser (~> 3.2)
      sexp_processor
    rest-client (1.6.7)
      mime-types (>= 1.16)
    rspec (2.14.1)
      rspec-core (~> 2.14.0)
      rspec-expectations (~> 2.14.0)
      rspec-mocks (~> 2.14.0)
    rspec-core (2.14.7)
    rspec-expectations (2.14.4)
      diff-lcs (>= 1.1.3, < 2.0)
    rspec-mocks (2.14.4)
    rubocop (0.15.0)
      parser (~> 2.0)
      powerpack (~> 0.0.6)
      rainbow (>= 1.1.4)
    ruby2ruby (2.0.7)
      ruby_parser (~> 3.1)
      sexp_processor (~> 4.0)
    ruby_parser (3.2.2)
      sexp_processor (~> 4.1)
    rubysl-logger (2.0.0)
    rubysl-open-uri (2.0.0)
    rubysl-prettyprint (2.0.2)
    rubysl-singleton (2.0.0)
    sexp_processor (4.4.1)
    simplecov (0.8.2)
      docile (~> 1.1.0)
      multi_json
      simplecov-html (~> 0.8.0)
    simplecov-html (0.8.0)
    slop (3.4.7)
    term-ansicolor (1.2.2)
      tins (~> 0.8)
    terminal-notifier-guard (1.5.3)
    thor (0.18.1)
    thread_safe (0.1.3)
      atomic
    timers (1.1.0)
    tins (0.13.1)
    yard (0.8.7.3)
    yard-spellcheck (0.1.5)
      ffi-hunspell (~> 0.2)
      yard (~> 0.6)

PLATFORMS
  ruby

DEPENDENCIES
  bundler (~> 1.3.5)
  coveralls (~> 0.7.0)
  devtools!
  flay (~> 2.4.0)
  flog (~> 4.2.0)
  guard (~> 2.2.4)
  guard-bundler (~> 2.0.0)
  guard-rspec (~> 4.2.0)
  guard-rubocop (~> 1.0.0)
  jruby-openssl (~> 0.8.5)
  json (~> 1.8.1)
  kramdown (~> 1.3.0)
  libnotify (~> 0.8.0)
  listen (~> 2.4.0)
  lupo!
  mutant (~> 0.3.0)!
  racc (~> 1.4.10)
  rake (~> 10.1.0)
  rb-fchange (~> 0.0.6)
  rb-fsevent (~> 0.9.3)
  rb-inotify (~> 0.9.0)
  rb-notifu (~> 0.0.4)
  rbench (~> 0.2.3)
  reek (~> 1.3.2)
  rspec (~> 2.14.1)
  rubocop (~> 0.15.0)
  rubysl-logger (~> 2.0.0)
  rubysl-open-uri (~> 2.0.0)
  rubysl-prettyprint (~> 2.0.2)
  rubysl-singleton (~> 2.0.0)
  simplecov (~> 0.8.2)
  terminal-notifier-guard (~> 1.5.3)
  unparser (~> 0.1.5)!
  yard (~> 0.8.7)
  yard-spellcheck (~> 0.1.5)
  yardstick (~> 0.9.7)!
